PATH
  remote: .
  specs:
    fast_gettext (3.0.0)
      prime

GEM
  remote: https://rubygems.org/
  specs:
    activemodel (7.1.3.3)
      activesupport (= 7.1.3.3)
    activerecord (7.1.3.3)
      activemodel (= 7.1.3.3)
      activesupport (= 7.1.3.3)
      timeout (>= 0.4.0)
    activesupport (7.1.3.3)
      base64
      bigdecimal
      concurrent-ruby (~> 1.0, >= 1.0.2)
      connection_pool (>= 2.2.5)
      drb
      i18n (>= 1.6, < 2)
      minitest (>= 5.1)
      mutex_m
      tzinfo (~> 2.0)
    ast (2.4.2)
    base64 (0.2.0)
    bigdecimal (3.1.8)
    bump (0.7.0)
    concurrent-ruby (1.2.3)
    connection_pool (2.4.1)
    diff-lcs (1.3)
    drb (2.2.1)
    forking_test_runner (1.14.0)
      parallel_tests (>= 1.3.7)
    forwardable (1.3.3)
    i18n (1.14.5)
      concurrent-ruby (~> 1.0)
    mini_portile2 (2.8.6)
    minitest (5.23.0)
    mutex_m (0.2.0)
    parallel (1.26.3)
    parallel_tests (4.7.1)
      parallel
    parser (3.1.0.0)
      ast (~> 2.4.1)
    prime (0.1.2)
      forwardable
      singleton
    rainbow (3.1.1)
    rake (12.3.2)
    regexp_parser (2.2.0)
    rexml (3.2.5)
    rspec (3.8.0)
      rspec-core (~> 3.8.0)
      rspec-expectations (~> 3.8.0)
      rspec-mocks (~> 3.8.0)
    rspec-core (3.8.0)
      rspec-support (~> 3.8.0)
    rspec-expectations (3.8.2)
      diff-lcs (>= 1.2.0, < 2.0)
      rspec-support (~> 3.8.0)
    rspec-mocks (3.8.0)
      diff-lcs (>= 1.2.0, < 2.0)
      rspec-support (~> 3.8.0)
    rspec-support (3.8.0)
    rubocop (1.25.0)
      parallel (~> 1.10)
      parser (>= 3.1.0.0)
      rainbow (>= 2.2.2, < 4.0)
      regexp_parser (>= 1.8, < 3.0)
      rexml
      rubocop-ast (>= 1.15.1, < 2.0)
      ruby-progressbar (~> 1.7)
      unicode-display_width (>= 1.4.0, < 3.0)
    rubocop-ast (1.15.1)
      parser (>= 3.0.1.1)
    rubocop-packaging (0.5.1)
      rubocop (>= 0.89, < 2.0)
    ruby-progressbar (1.11.0)
    single_cov (1.3.0)
    singleton (0.2.0)
    sqlite3 (1.7.3)
      mini_portile2 (~> 2.8.0)
    sqlite3 (1.7.3-x86_64-linux)
    timeout (0.4.1)
    tzinfo (2.0.6)
      concurrent-ruby (~> 1.0)
    unicode-display_width (2.1.0)

PLATFORMS
  ruby
  x86_64-linux

DEPENDENCIES
  activerecord
  bump
  fast_gettext!
  forking_test_runner
  i18n
  rake
  rspec
  rubocop
  rubocop-packaging
  single_cov
  sqlite3 (~> 1.4)

BUNDLED WITH
   2.5.10
